PATH
  remote: .
  specs:
    acts_as_statable (0.0.1)
      chartkick (> 1.0.0)

GEM
  remote: https://rubygems.org/
  specs:
    chartkick (1.2.0)
    rake (10.1.0)

PLATFORMS
  ruby

DEPENDENCIES
  acts_as_statable!
  bundler (~> 1.3)
  rake
